GEM
  remote: https://rubygems.org/
  specs:
    parallel (1.13.0)

PLATFORMS
  ruby

DEPENDENCIES
  parallel (= 1.13)

BUNDLED WITH
   1.17.2
